GEM
  remote: http://rubygems.org/
  specs:
    chipmunk (5.3.4.5)
    gosu (0.7.41)
    nokogiri (1.5.0)
    rmagick (2.13.1)

PLATFORMS
  ruby

DEPENDENCIES
  chipmunk
  gosu
  nokogiri
  rmagick
