GEM
  remote: http://rubygems.org/
  specs:
    chipmunk (5.3.4.5)
    git (1.2.5)
    gosu (0.7.41)
    jeweler (1.6.4)
      bundler (~> 1.0)
      git (>= 1.2.5)
      rake
    nokogiri (1.5.0)
    rake (0.9.2.2)
    rcov (0.9.11)
    rmagick (2.13.1)
    shoulda (2.11.3)

PLATFORMS
  ruby

DEPENDENCIES
  bundler (~> 1.0.0)
  chipmunk
  gosu
  jeweler (~> 1.6.4)
  nokogiri
  rcov
  rmagick
  shoulda
