GEM
  remote: http://rubygems.org/
  specs:
    chipmunk (5.3.4.5)
    git (1.2.5)
    gosu (0.7.41)
    hpricot (0.8.5)
    jeweler (1.6.4)
      bundler (~> 1.0)
      git (>= 1.2.5)
      rake
    mustache (0.99.4)
    nokogiri (1.5.0)
    rake (0.9.2.2)
    rdiscount (1.6.8)
    rmagick (2.13.1)
    ronn (0.7.3)
      hpricot (>= 0.8.2)
      mustache (>= 0.7.0)
      rdiscount (>= 1.5.8)

PLATFORMS
  ruby

DEPENDENCIES
  bundler
  chipmunk
  gosu
  jeweler
  nokogiri
  rake
  rmagick
  ronn
